PATH
  remote: .
  specs:
    teeshirt_saver (0.1.0)

GEM
  remote: https://rubygems.org/
  specs:
    rake (10.5.0)

PLATFORMS
  ruby

DEPENDENCIES
  bundler
  rake (~> 10.0)
  teeshirt_saver!

BUNDLED WITH
   2.0.1
