PATH
  remote: .
  specs:
    teeshirt_saver (0.1.0)
      nokogiri

GEM
  remote: https://rubygems.org/
  specs:
    mini_portile2 (2.4.0)
    nokogiri (1.10.1)
      mini_portile2 (~> 2.4.0)
    rake (10.5.0)

PLATFORMS
  ruby

DEPENDENCIES
  bundler
  rake (~> 10.0)
  teeshirt_saver!

BUNDLED WITH
   2.0.1
